GEM
  remote: http://rubygems.org/
  specs:
    ffi (1.11.1)
    guard (1.0.1)
      ffi (>= 0.5.0)
      thor (~> 0.14.6)
    guard-phpunit (0.1.2)
      guard (~> 1.0.0)
    thor (0.14.6)

PLATFORMS
  ruby

DEPENDENCIES
  guard-phpunit
